GEM
  remote: https://rubygems.org/
  specs:
    addressable (2.3.8)
    cuba (3.4.0)
      rack
    launchy (2.4.3)
      addressable (~> 2.3)
    rack (1.6.1)
    tilt (1.4.1)

PLATFORMS
  ruby

DEPENDENCIES
  cuba
  launchy
  tilt
